PATH
  remote: .
  specs:
    faraday-http-cache (0.0.1.dev)
      activesupport (~> 3.0)
      faraday (~> 0.8)
      multi_json (~> 1.3)

GEM
  remote: http://rubygems.org/
  specs:
    activesupport (3.2.3)
      i18n (~> 0.6)
      multi_json (~> 1.0)
    addressable (2.2.8)
    cookiejar (0.3.0)
    diff-lcs (1.1.3)
    em-http-request (1.0.2)
      addressable (>= 2.2.3)
      cookiejar
      em-socksify
      eventmachine (>= 1.0.0.beta.4)
      http_parser.rb (>= 0.5.3)
    em-socksify (0.2.0)
      eventmachine (>= 1.0.0.beta.4)
    eventmachine (1.0.0.rc.2)
    faraday (0.8.0)
      multipart-post (~> 1.1)
    http_parser.rb (0.5.3)
    i18n (0.6.0)
    multi_json (1.3.2)
    multipart-post (1.1.5)
    rake (0.9.2.2)
    rspec (2.9.0)
      rspec-core (~> 2.9.0)
      rspec-expectations (~> 2.9.0)
      rspec-mocks (~> 2.9.0)
    rspec-core (2.9.0)
    rspec-expectations (2.9.1)
      diff-lcs (~> 1.1.3)
    rspec-mocks (2.9.0)

PLATFORMS
  ruby

DEPENDENCIES
  em-http-request
  faraday-http-cache!
  rake
  rspec (~> 2.0)
