PATH
  remote: .
  specs:
    faraday-http-cache (0.0.1.dev)
      activesupport (~> 3.0)
      faraday (~> 0.8.0)
      multi_json (~> 1.3)

GEM
  remote: http://rubygems.org/
  specs:
    activesupport (3.2.3)
      i18n (~> 0.6)
      multi_json (~> 1.0)
    diff-lcs (1.1.3)
    faraday (0.8.0)
      multipart-post (~> 1.1)
    i18n (0.6.0)
    multi_json (1.3.2)
    multipart-post (1.1.5)
    rake (0.9.2.2)
    rspec (2.9.0)
      rspec-core (~> 2.9.0)
      rspec-expectations (~> 2.9.0)
      rspec-mocks (~> 2.9.0)
    rspec-core (2.9.0)
    rspec-expectations (2.9.1)
      diff-lcs (~> 1.1.3)
    rspec-mocks (2.9.0)

PLATFORMS
  ruby

DEPENDENCIES
  faraday-http-cache!
  rake
  rspec (~> 2.0)
